GEM
  remote: https://rubygems.org/
  specs:
    connection_pool (2.2.2)
    mustermann (2.0.2)
      ruby2_keywords (~> 0.0.1)
    nio4r (2.4.0)
    puma (4.1.0)
      nio4r (~> 2.0)
    rack (2.2.4)
    rack-protection (2.2.3)
      rack
    redis (4.1.2)
    ruby2_keywords (0.0.5)
    sidekiq (5.2.7)
      connection_pool (~> 2.2, >= 2.2.2)
      rack (>= 1.5.0)
      rack-protection (>= 1.5.0)
      redis (>= 3.3.5, < 5)
    sinatra (2.2.3)
      mustermann (~> 2.0)
      rack (~> 2.2)
      rack-protection (= 2.2.3)
      tilt (~> 2.0)
    tilt (2.0.11)

PLATFORMS
  ruby

DEPENDENCIES
  puma
  sidekiq
  sinatra

BUNDLED WITH
   2.0.1
